GEM
  remote: https://rubygems.org/
  specs:
    builder (3.2.0)
    newrelic_rpm (3.5.7.59)
    rack (1.5.2)
    rack-rewrite (1.3.3)
    rdiscount (1.6.8)
    toto (0.4.9)
      builder
      rack
      rdiscount

PLATFORMS
  ruby

DEPENDENCIES
  builder
  newrelic_rpm
  rack-rewrite
  rdiscount (= 1.6.8)
  toto
